GEM
  specs:
    httparty (0.15.6)
      multi_xml (>= 0.5.2)
    minitest (5.10.3)
    multi_xml (0.6.0)

PLATFORMS
  ruby

DEPENDENCIES
  httparty
  minitest

BUNDLED WITH
   1.16.0.pre.3
